PATH
  remote: .
  specs:
    minitest-doc-reporter (0.0.1)
      ansi

GEM
  remote: https://rubygems.org/
  specs:
    ansi (1.4.3)
    rake (10.1.0)

PLATFORMS
  x86-mingw32

DEPENDENCIES
  bundler (~> 1.3)
  minitest-doc-reporter!
  rake
