PATH
  remote: .
  specs:
    minitest-documenter (0.0.1)
      ansi
      minitest (~> 5.0)

GEM
  remote: https://rubygems.org/
  specs:
    ansi (1.5.0)
    minitest (5.8.2)
    rake (10.1.0)

PLATFORMS
  ruby

DEPENDENCIES
  bundler (~> 1.3)
  minitest-documenter!
  rake

BUNDLED WITH
   1.11.2
